GEM
  remote: http://rubygems.org/
  specs:
    plist (3.1.0)

PLATFORMS
  java
  ruby

DEPENDENCIES
  plist
